GEM
  remote: http://rubygems.org/
  specs:
    activesupport (3.2.13)
      i18n (= 0.6.1)
      multi_json (~> 1.0)
    addressable (2.3.2)
    bcrypt-ruby (3.0.1)
    beanstalk-client (1.1.1)
    clockwork (0.6.1)
      activesupport
      tzinfo (~> 0.3.35)
    coderay (1.0.8)
    crack (0.3.1)
    dalli (2.6.4)
    diff-lcs (1.1.3)
    dotenv (0.9.0)
    foreman (0.63.0)
      dotenv (>= 0.7)
      thor (>= 0.13.6)
    grocer (0.3.4)
    httparty (0.9.0)
      multi_json (~> 1.0)
      multi_xml
    i18n (0.6.1)
    json (1.8.0)
    json_pure (1.8.0)
    kgio (2.7.4)
    mail (2.5.2)
      i18n (>= 0.4.0)
      mime-types (~> 1.16)
      treetop (~> 1.4.8)
    method_source (0.8.1)
    mime-types (1.19)
    multi_json (1.3.7)
    multi_xml (0.5.1)
    newrelic_rpm (3.7.1.188)
    polyglot (0.3.3)
    pony (1.4)
      mail (> 2.0)
    pry (0.9.10)
      coderay (~> 1.0.5)
      method_source (~> 0.8)
      slop (~> 3.3.1)
    pushmeup (0.1.2)
      httparty
      json
    rack (1.4.1)
    rack-cache (1.2)
      rack (>= 0.4)
    rack-contrib (1.1.0)
      rack (>= 0.9.1)
    rack-protection (1.2.0)
      rack
    rack-test (0.6.2)
      rack (>= 1.0)
    raindrops (0.10.0)
    rake (0.9.2.2)
    redis (3.0.2)
    redis-namespace (1.2.1)
      redis (~> 3.0.0)
    rspec (2.11.0)
      rspec-core (~> 2.11.0)
      rspec-expectations (~> 2.11.0)
      rspec-mocks (~> 2.11.0)
    rspec-core (2.11.1)
    rspec-expectations (2.11.3)
      diff-lcs (~> 1.1.3)
    rspec-mocks (2.11.3)
    sinatra (1.3.3)
      rack (~> 1.3, >= 1.3.6)
      rack-protection (~> 1.2)
      tilt (~> 1.3, >= 1.3.3)
    slop (3.3.3)
    stalker (0.9.0)
      beanstalk-client
      json_pure
    thor (0.18.1)
    tilt (1.3.3)
    treetop (1.4.12)
      polyglot
      polyglot (>= 0.3.1)
    tzinfo (0.3.38)
    unicode_utils (1.4.0)
    unicorn (4.3.1)
      kgio (~> 2.6)
      rack
      raindrops (~> 0.7)
    vcr (2.3.0)
    webmock (1.8.11)
      addressable (>= 2.2.7)
      crack (>= 0.1.7)

PLATFORMS
  ruby

DEPENDENCIES
  bcrypt-ruby
  clockwork
  dalli
  foreman
  grocer
  httparty
  newrelic_rpm
  pony
  pry
  pushmeup
  rack
  rack-cache
  rack-contrib
  rack-test
  rake
  redis
  redis-namespace
  rspec
  sinatra
  stalker
  unicode_utils
  unicorn
  vcr
  webmock (>= 1.8.0, < 1.9)
